GEM
  remote: http://rubygems.org/
  specs:
    actionmailer (2.3.18)
      actionpack (= 2.3.18)
    actionpack (2.3.18)
      activesupport (= 2.3.18)
      rack (~> 1.1.0)
    activerecord (2.3.18)
      activesupport (= 2.3.18)
    activeresource (2.3.18)
      activesupport (= 2.3.18)
    activesupport (2.3.18)
    authlogic (2.1.5)
      activesupport
    cgi_multipart_eof_fix (2.5.0)
    daemons (1.1.9)
    factory_girl (1.2.4)
    fastthread (1.0.7)
    gem_plugin (0.2.3)
    haml (3.0.21)
    json (1.4.3)
    memcache-client (1.8.5)
    mocha (0.9.8)
      rake
    mongrel (1.1.5)
      cgi_multipart_eof_fix (>= 2.4)
      daemons (>= 1.0.3)
      fastthread (>= 1.0.1)
      gem_plugin (>= 0.2.3)
    mperham-deadlock_retry (1.0.0)
    mysql (2.9.1)
    rack (1.1.6)
    rails (2.3.18)
      actionmailer (= 2.3.18)
      actionpack (= 2.3.18)
      activerecord (= 2.3.18)
      activeresource (= 2.3.18)
      activesupport (= 2.3.18)
      rake (>= 0.8.3)
    rake (10.3.2)
    rspec (1.3.0)
    rspec-rails (1.3.2)
      rack (>= 1.0.0)
      rspec (>= 1.3.0)
    system_timer (1.0)

PLATFORMS
  ruby

DEPENDENCIES
  authlogic (= 2.1.5)
  factory_girl (= 1.2.4)
  haml (= 3.0.21)
  json (= 1.4.3)
  memcache-client (= 1.8.5)
  mocha (= 0.9.8)
  mongrel (= 1.1.5)
  mperham-deadlock_retry
  mysql (= 2.9.1)
  rails (= 2.3.18)
  rspec (= 1.3.0)
  rspec-rails (= 1.3.2)
  system_timer (= 1.0)
